PATH
  remote: .
  specs:
    widgetify (0.0.1)
      embedly (~> 1.5)
      nokogiri (= 1.5.4)

GEM
  remote: http://rubygems.org/
  specs:
    embedly (1.5.6)
      json
      oauth
      querystring
      typhoeus
    ffi (1.3.1)
    json (1.7.7)
    mime-types (1.21)
    nokogiri (1.5.4)
    oauth (0.4.7)
    querystring (0.1.0)
    typhoeus (0.4.2)
      ffi (~> 1.0)
      mime-types (~> 1.18)

PLATFORMS
  ruby

DEPENDENCIES
  widgetify!
