PATH
  remote: .
  specs:
    widgetify (0.0.1)
      activesupport (~> 3.2)
      embedly (~> 1.5)
      koala (~> 1.6)
      nokogiri (= 1.5.4)

GEM
  remote: http://rubygems.org/
  specs:
    activesupport (3.2.13)
      i18n (= 0.6.1)
      multi_json (~> 1.0)
    addressable (2.3.3)
    embedly (1.5.6)
      json
      oauth
      querystring
      typhoeus
    faraday (0.8.7)
      multipart-post (~> 1.1)
    ffi (1.6.0)
    i18n (0.6.1)
    json (1.7.7)
    koala (1.6.0)
      addressable (~> 2.2)
      faraday (~> 0.8)
      multi_json (~> 1.3)
    mime-types (1.21)
    multi_json (1.7.2)
    multipart-post (1.2.0)
    nokogiri (1.5.4)
    oauth (0.4.7)
    querystring (0.1.0)
    typhoeus (0.4.2)
      ffi (~> 1.0)
      mime-types (~> 1.18)

PLATFORMS
  ruby

DEPENDENCIES
  widgetify!
